GEM
  remote: http://rubygems.org/
  specs:
    git (1.2.5)
    jeweler (1.6.4)
      bundler (~> 1.0)
      git (>= 1.2.5)
      rake
    json (1.6.1)
    rake (0.9.2.2)
    right_aws (2.1.0)
      right_http_connection (>= 1.2.5)
    right_http_connection (1.3.0)

PLATFORMS
  ruby

DEPENDENCIES
  jeweler (~> 1.6.4)
  json
  right_aws
